PATH
  remote: .
  specs:
    adapter (0.5.1)

GEM
  specs:
    activesupport (3.0.3)
    diff-lcs (1.1.2)
    i18n (0.5.0)
    log_buddy (0.5.0)
    rspec (2.3.0)
      rspec-core (~> 2.3.0)
      rspec-expectations (~> 2.3.0)
      rspec-mocks (~> 2.3.0)
    rspec-core (2.3.1)
    rspec-expectations (2.3.0)
      diff-lcs (~> 1.1.2)
    rspec-mocks (2.3.0)
    timecop (0.3.5)

PLATFORMS
  ruby

DEPENDENCIES
  activesupport (~> 3)
  adapter!
  i18n (= 0.5.0)
  log_buddy (~> 0.5.0)
  rspec (~> 2.3)
  timecop (~> 0.3.5)
