PATH
  remote: .
  specs:
    adapter (0.1)

GEM
  specs:
    log_buddy (0.5.0)
    memcached (1)
    rspec (1.3.0)

PLATFORMS
  ruby

DEPENDENCIES
  adapter!
  log_buddy
  memcached
  rspec (~> 1.3.0)
