PATH
  remote: .
  specs:
    adapter (0.1)

GEM
  specs:
    SystemTimer (1.2)
    activesupport (3.0.0)
    curb (0.7.8)
    i18n (0.4.1)
    log_buddy (0.5.0)
    memcached (1)
    redis (2.0.10)
    riak-client (0.8.0)
      activesupport (>= 2.3.5)
      i18n (~> 0.4.0)
    rspec (1.3.0)
    timecop (0.3.5)

PLATFORMS
  ruby

DEPENDENCIES
  SystemTimer
  activesupport (~> 3)
  adapter!
  curb
  log_buddy
  memcached
  redis
  riak-client (~> 0.8)
  rspec (~> 1.3.0)
  timecop
